GEM
  remote: https://rubygems.org/
  specs:
    google-protobuf (3.23.0-arm64-darwin)
    googleapis-common-protos-types (1.6.0)
      google-protobuf (~> 3.14)
    mustermann (3.0.0)
      ruby2_keywords (~> 0.0.1)
    nio4r (2.5.9)
    opentelemetry-api (1.1.0)
    opentelemetry-common (0.19.6)
      opentelemetry-api (~> 1.0)
    opentelemetry-exporter-otlp (0.24.0)
      google-protobuf (~> 3.19)
      googleapis-common-protos-types (~> 1.3)
      opentelemetry-api (~> 1.1)
      opentelemetry-common (~> 0.19.6)
      opentelemetry-sdk (~> 1.2)
      opentelemetry-semantic_conventions
    opentelemetry-instrumentation-action_pack (0.6.0)
      opentelemetry-api (~> 1.0)
      opentelemetry-instrumentation-base (~> 0.22.0)
      opentelemetry-instrumentation-rack (~> 0.21)
    opentelemetry-instrumentation-action_view (0.5.0)
      opentelemetry-api (~> 1.0)
      opentelemetry-instrumentation-active_support (~> 0.1)
      opentelemetry-instrumentation-base (~> 0.22.0)
    opentelemetry-instrumentation-active_job (0.5.0)
      opentelemetry-api (~> 1.0)
      opentelemetry-instrumentation-base (~> 0.22.0)
    opentelemetry-instrumentation-active_model_serializers (0.20.0)
      opentelemetry-api (~> 1.0)
      opentelemetry-instrumentation-base (~> 0.22.0)
    opentelemetry-instrumentation-active_record (0.6.0)
      opentelemetry-api (~> 1.0)
      opentelemetry-instrumentation-base (~> 0.22.0)
      ruby2_keywords
    opentelemetry-instrumentation-active_support (0.4.0)
      opentelemetry-api (~> 1.0)
      opentelemetry-instrumentation-base (~> 0.22.0)
    opentelemetry-instrumentation-all (0.35.0)
      opentelemetry-instrumentation-active_model_serializers (~> 0.20.0)
      opentelemetry-instrumentation-aws_sdk (~> 0.4.0)
      opentelemetry-instrumentation-bunny (~> 0.20.0)
      opentelemetry-instrumentation-concurrent_ruby (~> 0.21.0)
      opentelemetry-instrumentation-dalli (~> 0.23.0)
      opentelemetry-instrumentation-delayed_job (~> 0.20.0)
      opentelemetry-instrumentation-ethon (~> 0.21.0)
      opentelemetry-instrumentation-excon (~> 0.21.0)
      opentelemetry-instrumentation-faraday (~> 0.23.0)
      opentelemetry-instrumentation-grape (~> 0.1.0)
      opentelemetry-instrumentation-graphql (~> 0.25.0)
      opentelemetry-instrumentation-http (~> 0.22.0)
      opentelemetry-instrumentation-http_client (~> 0.22.0)
      opentelemetry-instrumentation-koala (~> 0.20.0)
      opentelemetry-instrumentation-lmdb (~> 0.22.0)
      opentelemetry-instrumentation-mongo (~> 0.22.0)
      opentelemetry-instrumentation-mysql2 (~> 0.23.0)
      opentelemetry-instrumentation-net_http (~> 0.22.0)
      opentelemetry-instrumentation-pg (~> 0.24.0)
      opentelemetry-instrumentation-que (~> 0.6.0)
      opentelemetry-instrumentation-racecar (~> 0.2.0)
      opentelemetry-instrumentation-rack (~> 0.23.0)
      opentelemetry-instrumentation-rails (~> 0.26.0)
      opentelemetry-instrumentation-rake (~> 0.2.0)
      opentelemetry-instrumentation-rdkafka (~> 0.3.0)
      opentelemetry-instrumentation-redis (~> 0.25.0)
      opentelemetry-instrumentation-resque (~> 0.4.0)
      opentelemetry-instrumentation-restclient (~> 0.22.0)
      opentelemetry-instrumentation-ruby_kafka (~> 0.20.0)
      opentelemetry-instrumentation-sidekiq (~> 0.24.0)
      opentelemetry-instrumentation-sinatra (~> 0.22.0)
      opentelemetry-instrumentation-trilogy (~> 0.53.0)
    opentelemetry-instrumentation-aws_sdk (0.4.0)
      opentelemetry-api (~> 1.0)
      opentelemetry-instrumentation-base (~> 0.22.0)
    opentelemetry-instrumentation-base (0.22.0)
      opentelemetry-api (~> 1.0)
      opentelemetry-registry (~> 0.1)
    opentelemetry-instrumentation-bunny (0.20.0)
      opentelemetry-api (~> 1.0)
      opentelemetry-instrumentation-base (~> 0.22.0)
    opentelemetry-instrumentation-concurrent_ruby (0.21.0)
      opentelemetry-api (~> 1.0)
      opentelemetry-instrumentation-base (~> 0.22.0)
    opentelemetry-instrumentation-dalli (0.23.0)
      opentelemetry-api (~> 1.0)
      opentelemetry-common (~> 0.19.3)
      opentelemetry-instrumentation-base (~> 0.22.0)
    opentelemetry-instrumentation-delayed_job (0.20.0)
      opentelemetry-api (~> 1.0)
      opentelemetry-instrumentation-base (~> 0.22.0)
    opentelemetry-instrumentation-ethon (0.21.0)
      opentelemetry-api (~> 1.0)
      opentelemetry-common (~> 0.19.3)
      opentelemetry-instrumentation-base (~> 0.22.0)
    opentelemetry-instrumentation-excon (0.21.0)
      opentelemetry-api (~> 1.0)
      opentelemetry-common (~> 0.19.3)
      opentelemetry-instrumentation-base (~> 0.22.0)
    opentelemetry-instrumentation-faraday (0.23.0)
      opentelemetry-api (~> 1.0)
      opentelemetry-common (~> 0.19.3)
      opentelemetry-instrumentation-base (~> 0.22.0)
    opentelemetry-instrumentation-grape (0.1.2)
      opentelemetry-api (~> 1.1.0)
      opentelemetry-instrumentation-base (~> 0.22.0)
      opentelemetry-instrumentation-rack (~> 0.21)
    opentelemetry-instrumentation-graphql (0.25.0)
      opentelemetry-api (~> 1.0)
      opentelemetry-instrumentation-base (~> 0.22.0)
    opentelemetry-instrumentation-http (0.22.0)
      opentelemetry-api (~> 1.0)
      opentelemetry-instrumentation-base (~> 0.22.0)
    opentelemetry-instrumentation-http_client (0.22.0)
      opentelemetry-api (~> 1.0)
      opentelemetry-common (~> 0.19.3)
      opentelemetry-instrumentation-base (~> 0.22.0)
    opentelemetry-instrumentation-koala (0.20.0)
      opentelemetry-api (~> 1.0)
      opentelemetry-common (~> 0.19.3)
      opentelemetry-instrumentation-base (~> 0.22.0)
    opentelemetry-instrumentation-lmdb (0.22.0)
      opentelemetry-api (~> 1.0)
      opentelemetry-instrumentation-base (~> 0.22.0)
    opentelemetry-instrumentation-mongo (0.22.0)
      opentelemetry-api (~> 1.0)
      opentelemetry-instrumentation-base (~> 0.22.0)
    opentelemetry-instrumentation-mysql2 (0.23.0)
      opentelemetry-api (~> 1.0)
      opentelemetry-instrumentation-base (~> 0.22.0)
    opentelemetry-instrumentation-net_http (0.22.0)
      opentelemetry-api (~> 1.0)
      opentelemetry-common (~> 0.19.3)
      opentelemetry-instrumentation-base (~> 0.22.0)
    opentelemetry-instrumentation-pg (0.24.0)
      opentelemetry-api (~> 1.0)
      opentelemetry-instrumentation-base (~> 0.22.0)
    opentelemetry-instrumentation-que (0.6.0)
      opentelemetry-api (~> 1.0)
      opentelemetry-instrumentation-base (~> 0.22.0)
    opentelemetry-instrumentation-racecar (0.2.0)
      opentelemetry-api (~> 1.0)
      opentelemetry-instrumentation-base (~> 0.22.0)
    opentelemetry-instrumentation-rack (0.23.0)
      opentelemetry-api (~> 1.0)
      opentelemetry-common (~> 0.19.3)
      opentelemetry-instrumentation-base (~> 0.22.0)
    opentelemetry-instrumentation-rails (0.26.0)
      opentelemetry-api (~> 1.0)
      opentelemetry-instrumentation-action_pack (~> 0.6.0)
      opentelemetry-instrumentation-action_view (~> 0.5.0)
      opentelemetry-instrumentation-active_job (~> 0.5.0)
      opentelemetry-instrumentation-active_record (~> 0.6.0)
      opentelemetry-instrumentation-active_support (~> 0.4.0)
      opentelemetry-instrumentation-base (~> 0.22.0)
    opentelemetry-instrumentation-rake (0.2.0)
      opentelemetry-api (~> 1.0)
      opentelemetry-instrumentation-base (~> 0.22.0)
    opentelemetry-instrumentation-rdkafka (0.3.0)
      opentelemetry-api (~> 1.0)
      opentelemetry-common (~> 0.19.3)
      opentelemetry-instrumentation-base (~> 0.22.0)
    opentelemetry-instrumentation-redis (0.25.0)
      opentelemetry-api (~> 1.0)
      opentelemetry-common (~> 0.19.3)
      opentelemetry-instrumentation-base (~> 0.22.0)
    opentelemetry-instrumentation-resque (0.4.0)
      opentelemetry-api (~> 1.0)
      opentelemetry-instrumentation-base (~> 0.22.0)
    opentelemetry-instrumentation-restclient (0.22.0)
      opentelemetry-api (~> 1.0)
      opentelemetry-common (~> 0.19.3)
      opentelemetry-instrumentation-base (~> 0.22.0)
    opentelemetry-instrumentation-ruby_kafka (0.20.0)
      opentelemetry-api (~> 1.0)
      opentelemetry-instrumentation-base (~> 0.22.0)
    opentelemetry-instrumentation-sidekiq (0.24.0)
      opentelemetry-api (~> 1.0)
      opentelemetry-common (~> 0.19.3)
      opentelemetry-instrumentation-base (~> 0.22.0)
    opentelemetry-instrumentation-sinatra (0.22.0)
      opentelemetry-api (~> 1.0)
      opentelemetry-common (~> 0.19.3)
      opentelemetry-instrumentation-base (~> 0.22.0)
      opentelemetry-instrumentation-rack (~> 0.21)
    opentelemetry-instrumentation-trilogy (0.53.0)
      opentelemetry-api (~> 1.0)
      opentelemetry-instrumentation-base (~> 0.22.0)
      opentelemetry-semantic_conventions (>= 1.8.0)
    opentelemetry-registry (0.2.0)
      opentelemetry-api (~> 1.1)
    opentelemetry-sdk (1.2.0)
      opentelemetry-api (~> 1.1)
      opentelemetry-common (~> 0.19.3)
      opentelemetry-registry (~> 0.2)
      opentelemetry-semantic_conventions
    opentelemetry-semantic_conventions (1.8.0)
      opentelemetry-api (~> 1.0)
    puma (6.2.2)
      nio4r (~> 2.0)
    rack (2.2.7)
    rack-protection (3.0.6)
      rack
    ruby2_keywords (0.0.5)
    sinatra (3.0.6)
      mustermann (~> 3.0)
      rack (~> 2.2, >= 2.2.4)
      rack-protection (= 3.0.6)
      tilt (~> 2.0)
    tilt (2.1.0)

PLATFORMS
  arm64-darwin-22

DEPENDENCIES
  opentelemetry-exporter-otlp (~> 0.24.0)
  opentelemetry-instrumentation-all (~> 0.35.0)
  opentelemetry-sdk (~> 1.2.0)
  puma (~> 6.2.2)
  sinatra (~> 3.0.6)

BUNDLED WITH
   2.4.10
